GIT
  remote: git://github.com/datamapper/dm-sweatshop.git
  revision: 45feec07bc68c927848b0b72aae1385f3ef91178
  specs:
    dm-sweatshop (1.0.2)
      dm-core (~> 1.0.2)
      randexp (~> 0.1.5)

GIT
  remote: git://github.com/snusnu/randexp
  revision: 7866bf0e5670cf65a96bfb434f3e6dda4507ce5c
  branch: no_parsetree
  specs:
    randexp (0.1.5)

GEM
  remote: http://rubygems.org/
  specs:
    activesupport (3.0.3)
    addressable (2.2.2)
    ansi (1.2.2)
    bcat (0.5.2)
      rack (< 1.2)
    bcrypt-ruby (2.1.4)
    broach (0.2.1)
      json (~> 1.4)
      nap (~> 0.3)
    bunny (0.6.0)
    contest (0.1.2)
    crack (0.1.8)
    daemons (1.1.0)
    data_objects (0.10.2)
      addressable (~> 2.1)
    delayed_job (2.1.2)
      activesupport (~> 3.0)
      daemons
    dm-aggregates (1.0.2)
      dm-core (~> 1.0.2)
    dm-core (1.0.2)
      addressable (~> 2.2)
      extlib (~> 0.9.15)
    dm-do-adapter (1.0.2)
      data_objects (~> 0.10.2)
      dm-core (~> 1.0.2)
    dm-migrations (1.0.2)
      dm-core (~> 1.0.2)
    dm-sqlite-adapter (1.0.2)
      dm-do-adapter (~> 1.0.2)
      do_sqlite3 (~> 0.10.2)
    dm-timestamps (1.0.2)
      dm-core (~> 1.0.2)
    dm-types (1.0.2)
      dm-core (~> 1.0.2)
      fastercsv (~> 1.5.3)
      json_pure (~> 1.4)
      stringex (~> 1.1.0)
      uuidtools (~> 2.1.1)
    dm-validations (1.0.2)
      dm-core (~> 1.0.2)
    do_sqlite3 (0.10.2)
      data_objects (= 0.10.2)
    extlib (0.9.15)
    fastercsv (1.5.4)
    haml (3.0.25)
    hpricot (0.8.3)
    i18n (0.5.0)
    json (1.4.6)
    json_pure (1.4.6)
    mailfactory (1.4.0)
      mime-types (>= 1.13.1)
    mime-types (1.16)
    mocha (0.9.10)
      rake
    nap (0.4)
    nokogiri (1.4.4)
    rack (1.1.0)
    rack-test (0.5.7)
      rack (>= 1.0)
    rake (0.8.7)
    redgreen (1.2.2)
    rr (1.0.2)
    rumbster (1.0.0)
    shout-bot (0.0.4)
      addressable
    sinatra (1.1.2)
      rack (~> 1.1)
      tilt (~> 1.2)
    sinatra-authorization (1.0.0)
      sinatra (>= 0.9.1.1)
    sinatra-ditties (0.0.2)
      mailfactory (>= 1.4.0)
      sinatra (>= 0.3.2)
      tlsmail
    sqlite3-ruby (1.3.2)
    stringex (1.1.0)
    thor (0.14.6)
    tilt (1.2.1)
    tlsmail (0.0.1)
    turn (0.8.1)
      ansi (>= 1.2.2)
    uuidtools (2.1.1)
    webmock (1.6.2)
      addressable (>= 2.2.2)
      crack (>= 0.1.7)
    webrat (0.7.3)
      nokogiri (>= 1.2.0)
      rack (>= 1.0)
      rack-test (>= 0.5.3)

PLATFORMS
  ruby

DEPENDENCIES
  addressable (= 2.2.2)
  bcat (= 0.5.2)
  bcrypt-ruby (= 2.1.4)
  broach (= 0.2.1)
  bunny (= 0.6.0)
  contest (= 0.1.2)
  data_objects (= 0.10.2)
  delayed_job (= 2.1.2)
  dm-aggregates (= 1.0.2)
  dm-core (= 1.0.2)
  dm-migrations (= 1.0.2)
  dm-sqlite-adapter (= 1.0.2)
  dm-sweatshop (~> 1.0.2)!
  dm-timestamps (= 1.0.2)
  dm-types (= 1.0.2)
  dm-validations (= 1.0.2)
  do_sqlite3 (= 0.10.2)
  extlib (= 0.9.15)
  haml (= 3.0.25)
  hpricot (= 0.8.3)
  i18n (= 0.5.0)
  json (= 1.4.6)
  mocha (= 0.9.10)
  nap (= 0.4)
  nokogiri (= 1.4.4)
  rack (= 1.1.0)
  rack-test (= 0.5.7)
  rake (= 0.8.7)
  randexp (~> 0.1.5)!
  redgreen (= 1.2.2)
  rr (= 1.0.2)
  rumbster (= 1.0.0)
  shout-bot (= 0.0.4)
  sinatra (= 1.1.2)
  sinatra-authorization (= 1.0.0)
  sinatra-ditties (= 0.0.2)
  sqlite3-ruby (= 1.3.2)
  thor (= 0.14.6)
  turn (= 0.8.1)
  uuidtools (= 2.1.1)
  webmock (= 1.6.2)
  webrat (= 0.7.3)
